GEM
  remote: https://rubygems.org/
  specs:
    actioncable (5.1.6.2)
      actionpack (= 5.1.6.2)
      nio4r (~> 2.0)
      websocket-driver (~> 0.6.1)
    actionmailer (5.1.6.2)
      actionpack (= 5.1.6.2)
      actionview (= 5.1.6.2)
      activejob (= 5.1.6.2)
      mail (~> 2.5, >= 2.5.4)
      rails-dom-testing (~> 2.0)
    actionpack (5.1.6.2)
      actionview (= 5.1.6.2)
      activesupport (= 5.1.6.2)
      rack (~> 2.0)
      rack-test (>= 0.6.3)
      rails-dom-testing (~> 2.0)
      rails-html-sanitizer (~> 1.0, >= 1.0.2)
    actionview (5.1.6.2)
      activesupport (= 5.1.6.2)
      builder (~> 3.1)
      erubi (~> 1.4)
      rails-dom-testing (~> 2.0)
      rails-html-sanitizer (~> 1.0, >= 1.0.3)
    activejob (5.1.6.2)
      activesupport (= 5.1.6.2)
      globalid (>= 0.3.6)
    activemodel (5.1.6.2)
      activesupport (= 5.1.6.2)
    activerecord (5.1.6.2)
      activemodel (= 5.1.6.2)
      activesupport (= 5.1.6.2)
      arel (~> 8.0)
    activerecord-import (1.0.1)
      activerecord (>= 3.2)
    activesupport (5.1.6.2)
      concurrent-ruby (~> 1.0, >= 1.0.2)
      i18n (>= 0.7, < 2)
      minitest (~> 5.1)
      tzinfo (~> 1.1)
    addressable (2.6.0)
      public_suffix (>= 2.0.2, < 4.0)
    arel (8.0.0)
    ast (2.4.0)
    bcp47 (0.3.3)
      i18n
    better_errors (2.5.0)
      coderay (>= 1.0.0)
      erubi (>= 1.0.0)
      rack (>= 0.9.0)
    bindex (0.5.0)
    binding_of_caller (0.8.0)
      debug_inspector (>= 0.0.1)
    bixby (1.0.0)
      rubocop (~> 0.50, <= 0.52.1)
      rubocop-rspec (~> 1.22, <= 1.22.2)
    builder (3.2.3)
    byebug (10.0.2)
    coderay (1.1.2)
    coffee-rails (4.2.2)
      coffee-script (>= 2.2.0)
      railties (>= 4.0.0)
    coffee-script (2.4.1)
      coffee-script-source
      execjs
    coffee-script-source (1.12.2)
    concurrent-ruby (1.0.5)
    connection_pool (2.2.2)
    coveralls (0.8.22)
      json (>= 1.8, < 3)
      simplecov (~> 0.16.1)
      term-ansicolor (~> 1.3)
      thor (~> 0.19.4)
      tins (~> 1.6)
    crass (1.0.4)
    database_cleaner (1.7.0)
    debug_inspector (0.0.3)
    deprecation (1.0.0)
      activesupport
    diff-lcs (1.3)
    docile (1.3.1)
    dotenv (2.5.0)
    dotenv-deployment (0.0.2)
    dotenv-rails (2.5.0)
      dotenv (= 2.5.0)
      railties (>= 3.2, < 6.0)
    ebnf (1.1.3)
      rdf (~> 3.0)
      sxp (~> 1.0)
    equivalent-xml (0.6.0)
      nokogiri (>= 1.4.3)
    erubi (1.8.0)
    execjs (2.7.0)
    factory_bot (4.11.1)
      activesupport (>= 3.0.0)
    factory_bot_rails (4.11.1)
      factory_bot (~> 4.11.1)
      railties (>= 3.0.0)
    faker (1.9.1)
      i18n (>= 0.7)
    faraday (0.15.4)
      multipart-post (>= 1.2, < 3)
    ffi (1.9.25)
    globalid (0.4.2)
      activesupport (>= 4.2.0)
    gruff (0.7.0)
      rmagick (~> 2.13, >= 2.13.4)
    haml (5.0.4)
      temple (>= 0.8.0)
      tilt
    hamster (3.0.0)
      concurrent-ruby (~> 1.0)
    htmlentities (4.3.4)
    i18n (1.6.0)
      concurrent-ruby (~> 1.0)
    jbuilder (2.8.0)
      activesupport (>= 4.2.0)
      multi_json (>= 1.2)
    json (2.1.0)
    json-ld (3.0.2)
      multi_json (~> 1.12)
      rdf (>= 2.2.8, < 4.0)
    json-ld-preloaded (3.0.2)
      json-ld (~> 3.0)
      multi_json (~> 1.12)
      rdf (~> 3.0)
    ld-patch (0.3.3)
      ebnf (~> 1.1)
      rdf (>= 2.2, < 4.0)
      rdf-xsd (>= 2.2, < 4.0)
      sparql (>= 2.2, < 4.0)
      sxp (~> 1.0)
    ldpath (1.0.1)
      linkeddata
      parslet
    link_header (0.0.8)
    linkeddata (3.0.1)
      equivalent-xml (~> 0.6)
      json-ld (>= 2.2.1, < 4.0)
      ld-patch (~> 0.3, >= 0.3.3)
      nokogiri (~> 1.8)
      nokogumbo (~> 1.5)
      rdf (~> 3.0)
      rdf-aggregate-repo (>= 2.2.1, < 4.0)
      rdf-isomorphic (~> 3.0)
      rdf-json (>= 2.2, < 4.0)
      rdf-microdata (>= 2.2.3, < 4.0)
      rdf-n3 (~> 3.0)
      rdf-normalize (~> 0.3, >= 0.3.3)
      rdf-rdfa (~> 3.0)
      rdf-rdfxml (>= 2.2.1, < 4.0)
      rdf-reasoner (~> 0.5.0)
      rdf-tabular (>= 2.2.1, < 4.0)
      rdf-trig (>= 2.2, < 4.0)
      rdf-trix (>= 2.2.1, < 4.0)
      rdf-turtle (~> 3.0, >= 3.0.1)
      rdf-vocab (~> 3.0)
      rdf-xsd (~> 3.0)
      shex (~> 0.5, >= 0.5.2)
      sparql (~> 3.0)
      sparql-client (~> 3.0)
    listen (3.1.5)
      rb-fsevent (~> 0.9, >= 0.9.4)
      rb-inotify (~> 0.9, >= 0.9.7)
      ruby_dep (~> 1.2)
    lograge (0.10.0)
      actionpack (>= 4)
      activesupport (>= 4)
      railties (>= 4)
      request_store (~> 1.0)
    loofah (2.2.3)
      crass (~> 1.0.2)
      nokogiri (>= 1.5.9)
    mail (2.7.1)
      mini_mime (>= 0.1.1)
    method_source (0.9.2)
    mini_mime (1.0.1)
    mini_portile2 (2.4.0)
    minitest (5.11.3)
    multi_json (1.13.1)
    multipart-post (2.1.1)
    mysql2 (0.5.2)
    net-http-persistent (3.0.1)
      connection_pool (~> 2.2)
    nio4r (2.3.1)
    nokogiri (1.10.3)
      mini_portile2 (~> 2.4.0)
    nokogumbo (1.5.0)
      nokogiri
    parallel (1.12.1)
    parser (2.5.3.0)
      ast (~> 2.4.0)
    parslet (1.8.2)
    powerpack (0.1.2)
    public_suffix (3.0.3)
    puma (3.12.0)
    qa (4.1.1)
      activerecord-import
      deprecation
      faraday
      ldpath
      nokogiri (~> 1.6)
      rails (~> 5.0)
      rdf
    qa_server (2.0.0)
      gruff
      rails (~> 5.0)
    rack (2.0.6)
    rack-test (1.1.0)
      rack (>= 1.0, < 3)
    rails (5.1.6.2)
      actioncable (= 5.1.6.2)
      actionmailer (= 5.1.6.2)
      actionpack (= 5.1.6.2)
      actionview (= 5.1.6.2)
      activejob (= 5.1.6.2)
      activemodel (= 5.1.6.2)
      activerecord (= 5.1.6.2)
      activesupport (= 5.1.6.2)
      bundler (>= 1.3.0)
      railties (= 5.1.6.2)
      sprockets-rails (>= 2.0.0)
    rails-controller-testing (1.0.2)
      actionpack (~> 5.x, >= 5.0.1)
      actionview (~> 5.x, >= 5.0.1)
      activesupport (~> 5.x)
    rails-dom-testing (2.0.3)
      activesupport (>= 4.2.0)
      nokogiri (>= 1.6)
    rails-html-sanitizer (1.0.4)
      loofah (~> 2.2, >= 2.2.2)
    railties (5.1.6.2)
      actionpack (= 5.1.6.2)
      activesupport (= 5.1.6.2)
      method_source
      rake (>= 0.8.7)
      thor (>= 0.18.1, < 2.0)
    rainbow (3.0.0)
    rake (12.3.2)
    rb-fsevent (0.10.3)
    rb-inotify (0.9.10)
      ffi (>= 0.5.0, < 2)
    rdf (3.0.12)
      hamster (~> 3.0)
      link_header (~> 0.0, >= 0.0.8)
    rdf-aggregate-repo (2.2.1)
      rdf (>= 2.2, < 4.0)
    rdf-isomorphic (3.0.0)
      rdf (~> 3.0)
    rdf-json (2.2.0)
      rdf (>= 2.2, < 4.0)
    rdf-microdata (2.2.3)
      htmlentities (~> 4.3)
      nokogiri (~> 1.8)
      rdf (>= 2.2.8, < 4.0)
      rdf-xsd (>= 2.2, < 4.0)
    rdf-n3 (3.1.0)
      rdf (~> 3.0)
      sparql (~> 3.0)
      sxp (~> 1.0)
    rdf-normalize (0.3.3)
      rdf (>= 2.2, < 4.0)
    rdf-rdfa (3.0.1)
      haml (~> 5.0)
      htmlentities (~> 4.3)
      rdf (~> 3.0)
      rdf-aggregate-repo (>= 2.2, < 4.0)
      rdf-xsd (~> 3.0)
    rdf-rdfxml (2.2.1)
      htmlentities (~> 4.3)
      rdf (>= 2.2, < 4.0)
      rdf-rdfa (>= 2.2, < 4.0)
      rdf-xsd (>= 2.2, < 4.0)
    rdf-reasoner (0.5.2)
      rdf (~> 3.0)
      rdf-vocab (~> 3.0)
      rdf-xsd (~> 3.0)
    rdf-tabular (2.2.1)
      addressable (~> 2.3)
      bcp47 (~> 0.3, >= 0.3.3)
      json-ld (>= 2.1, < 4.0)
      rdf (>= 2.2, < 4.0)
      rdf-vocab (>= 2.2, < 4.0)
      rdf-xsd (>= 2.2, < 4.0)
    rdf-trig (3.0.1)
      ebnf (~> 1.1)
      rdf (~> 3.0)
      rdf-turtle (~> 3.0, >= 3.0.3)
    rdf-trix (2.2.1)
      rdf (>= 2.2, < 4.0)
    rdf-turtle (3.0.6)
      ebnf (~> 1.1)
      rdf (~> 3.0)
    rdf-vocab (3.0.6)
      rdf (~> 3.0, >= 3.0.11)
    rdf-xsd (3.0.1)
      rdf (~> 3.0)
    request_store (1.4.1)
      rack (>= 1.4)
    rmagick (2.16.0)
    rspec-activemodel-mocks (1.1.0)
      activemodel (>= 3.0)
      activesupport (>= 3.0)
      rspec-mocks (>= 2.99, < 4.0)
    rspec-core (3.8.0)
      rspec-support (~> 3.8.0)
    rspec-expectations (3.8.2)
      diff-lcs (>= 1.2.0, < 2.0)
      rspec-support (~> 3.8.0)
    rspec-mocks (3.8.0)
      diff-lcs (>= 1.2.0, < 2.0)
      rspec-support (~> 3.8.0)
    rspec-rails (3.8.1)
      actionpack (>= 3.0)
      activesupport (>= 3.0)
      railties (>= 3.0)
      rspec-core (~> 3.8.0)
      rspec-expectations (~> 3.8.0)
      rspec-mocks (~> 3.8.0)
      rspec-support (~> 3.8.0)
    rspec-support (3.8.0)
    rubocop (0.52.1)
      parallel (~> 1.10)
      parser (>= 2.4.0.2, < 3.0)
      powerpack (~> 0.1)
      rainbow (>= 2.2.2, < 4.0)
      ruby-progressbar (~> 1.7)
      unicode-display_width (~> 1.0, >= 1.0.1)
    rubocop-checkstyle_formatter (0.4.0)
      rubocop (>= 0.35.1)
    rubocop-rspec (1.22.2)
      rubocop (>= 0.52.1)
    ruby-progressbar (1.10.0)
    ruby_dep (1.5.0)
    sass (3.7.2)
      sass-listen (~> 4.0.0)
    sass-listen (4.0.0)
      rb-fsevent (~> 0.9, >= 0.9.4)
      rb-inotify (~> 0.9, >= 0.9.7)
    sass-rails (5.0.7)
      railties (>= 4.0.0, < 6)
      sass (~> 3.1)
      sprockets (>= 2.8, < 4.0)
      sprockets-rails (>= 2.0, < 4.0)
      tilt (>= 1.1, < 3)
    shex (0.5.2)
      ebnf (~> 1.1)
      json-ld (>= 2.2, < 4.0)
      json-ld-preloaded (>= 2.2, < 4.0)
      rdf (>= 2.2, < 4.0)
      rdf-xsd (>= 2.2, < 4.0)
      sparql (>= 2.2, < 4.0)
      sxp (~> 1.0)
    simplecov (0.16.1)
      docile (~> 1.1)
      json (>= 1.8, < 3)
      simplecov-html (~> 0.10.0)
    simplecov-html (0.10.2)
    sparql (3.0.2)
      builder (~> 3.2)
      ebnf (~> 1.1)
      rdf (~> 3.0)
      rdf-aggregate-repo (>= 2.2, < 4.0)
      rdf-xsd (~> 3.0)
      sparql-client (~> 3.0)
      sxp (~> 1.0)
    sparql-client (3.0.1)
      net-http-persistent (>= 2.9, < 4)
      rdf (~> 3.0)
    spring (2.0.2)
      activesupport (>= 4.2)
    sprockets (3.7.2)
      concurrent-ruby (~> 1.0)
      rack (> 1, < 3)
    sprockets-rails (3.2.1)
      actionpack (>= 4.0)
      activesupport (>= 4.0)
      sprockets (>= 3.0.0)
    sqlite3 (1.3.13)
    swagger-docs (0.2.9)
      activesupport (>= 3)
      rails (>= 3)
    sxp (1.0.2)
      rdf (~> 3.0)
    temple (0.8.1)
    term-ansicolor (1.7.0)
      tins (~> 1.0)
    thor (0.19.4)
    thread_safe (0.3.6)
    tilt (2.0.9)
    tins (1.20.2)
    turbolinks (5.2.0)
      turbolinks-source (~> 5.2)
    turbolinks-source (5.2.0)
    tzinfo (1.2.5)
      thread_safe (~> 0.1)
    uglifier (4.1.20)
      execjs (>= 0.3.0, < 3)
    unicode-display_width (1.4.0)
    web-console (3.7.0)
      actionview (>= 5.0)
      activemodel (>= 5.0)
      bindex (>= 0.4.0)
      railties (>= 5.0)
    websocket-driver (0.6.5)
      websocket-extensions (>= 0.1.0)
    websocket-extensions (0.1.3)
    xray-rails (0.3.1)
      rails (>= 3.1.0)

PLATFORMS
  ruby

DEPENDENCIES
  better_errors
  binding_of_caller
  bixby (~> 1.0.0)
  byebug
  coffee-rails (~> 4.2)
  concurrent-ruby (= 1.0.5)
  coveralls
  database_cleaner
  dotenv-deployment
  dotenv-rails
  factory_bot_rails (~> 4.4)
  faker
  jbuilder (~> 2.5)
  linkeddata
  listen
  lograge
  mysql2
  puma (~> 3.7)
  qa (~> 4.1)
  qa_server (~> 2.0)
  rails (~> 5.1.6)
  rails-controller-testing
  rspec-activemodel-mocks
  rspec-rails
  rubocop
  rubocop-checkstyle_formatter
  sass-rails (~> 5.0)
  spring
  sqlite3
  swagger-docs
  turbolinks (~> 5)
  tzinfo-data
  uglifier (>= 1.3.0)
  web-console (~> 3.0)
  xray-rails

BUNDLED WITH
   1.17.1
